GEM
  remote: https://rubygems.org/
  specs:
    colorize (0.8.1)
    inputs (0.2.0)
      colorize (~> 0.7)

PLATFORMS
  ruby

DEPENDENCIES
  inputs

RUBY VERSION
   ruby 2.5.1p57

BUNDLED WITH
   1.16.2
